RESTRICTION: >= net45
NUGET
  remote: https://www.nuget.org/api/v2
    Elasticsearch.Net (6.0.2)
    NEST (6.0.2)
      Elasticsearch.Net (>= 6.0.2 < 7.0)
    NEST.JsonNetSerializer (6.0.2)
      NEST (>= 6.0.2 < 7.0)
      Newtonsoft.Json (>= 11.0.1)
    Newtonsoft.Json (11.0.1)
    NFluent (1.3.1)
    xunit (2.0)
      xunit.assert (2.0)
      xunit.core (2.0)
    xunit.abstractions (2.0)
    xunit.assert (2.0)
    xunit.core (2.0)
      xunit.extensibility.core (2.0)
    xunit.extensibility.core (2.0)
      xunit.abstractions (2.0)
    xunit.runner.console (2.1)
    xunit.runner.visualstudio (2.1.0) - version_in_path: true
